GIT
  remote: https://github.com/Team254/cheesy-common.git
  revision: 3b67984fe653dba5ab79532dd69587de0a586928
  specs:
    cheesy-common (0.0.1)
      aescrypt (~> 1.0)
      httparty (~> 0.13)

GEM
  remote: https://rubygems.org/
  specs:
    aescrypt (1.0.0)
    daemons (1.4.0)
    eventmachine (1.2.7)
    httparty (0.21.0)
      mini_mime (>= 1.0.0)
      multi_xml (>= 0.5.2)
    mini_mime (1.1.2)
    multi_xml (0.6.0)
    mustermann (2.0.2)
      ruby2_keywords (~> 0.0.1)
    pathological (0.3.0)
    rack (2.2.6.4)
    rack-protection (2.2.3)
      rack
    rake (13.0.1)
    ruby2_keywords (0.0.5)
    sinatra (2.2.3)
      mustermann (~> 2.0)
      rack (~> 2.2)
      rack-protection (= 2.2.3)
      tilt (~> 2.0)
    thin (1.8.1)
      daemons (~> 1.0, >= 1.0.9)
      eventmachine (~> 1.0, >= 1.0.4)
      rack (>= 1, < 3)
    tilt (2.0.11)

PLATFORMS
  ruby

DEPENDENCIES
  cheesy-common!
  daemons
  httparty
  pathological
  rake
  sinatra
  thin

BUNDLED WITH
   2.1.4
