GIT
  remote: https://github.com/Team254/cheesy-common.git
  revision: 3b67984fe653dba5ab79532dd69587de0a586928
  specs:
    cheesy-common (0.0.1)
      aescrypt (~> 1.0)
      httparty (~> 0.13)

GEM
  remote: https://rubygems.org/
  specs:
    aescrypt (1.0.0)
    daemons (1.2.4)
    eventmachine (1.2.5)
    httparty (0.14.0)
      multi_xml (>= 0.5.2)
    multi_xml (0.6.0)
    pathological (0.3.0)
    rack (1.6.12)
    rack-protection (1.5.5)
      rack
    rake (12.3.3)
    sinatra (1.4.8)
      rack (~> 1.5)
      rack-protection (~> 1.4)
      tilt (>= 1.3, < 3)
    thin (1.7.2)
      daemons (~> 1.0, >= 1.0.9)
      eventmachine (~> 1.0, >= 1.0.4)
      rack (>= 1, < 3)
    tilt (2.0.8)

PLATFORMS
  ruby

DEPENDENCIES
  cheesy-common!
  daemons
  httparty
  pathological
  rake
  sinatra
  thin

BUNDLED WITH
   1.15.4
