GIT
  remote: https://github.com/Team254/cheesy-common.git
  revision: 3b67984fe653dba5ab79532dd69587de0a586928
  specs:
    cheesy-common (0.0.1)
      aescrypt (~> 1.0)
      httparty (~> 0.13)

GEM
  remote: https://rubygems.org/
  specs:
    aescrypt (1.0.0)
    daemons (1.4.0)
    eventmachine (1.2.7)
    httparty (0.18.0)
      mime-types (~> 3.0)
      multi_xml (>= 0.5.2)
    mime-types (3.3.1)
      mime-types-data (~> 3.2015)
    mime-types-data (3.2020.0512)
    multi_xml (0.6.0)
    mustermann (1.1.1)
      ruby2_keywords (~> 0.0.1)
    pathological (0.3.0)
    rack (2.2.3.1)
    rack-protection (2.0.8.1)
      rack
    rake (13.0.1)
    ruby2_keywords (0.0.2)
    sinatra (2.0.8.1)
      mustermann (~> 1.0)
      rack (~> 2.0)
      rack-protection (= 2.0.8.1)
      tilt (~> 2.0)
    thin (1.8.1)
      daemons (~> 1.0, >= 1.0.9)
      eventmachine (~> 1.0, >= 1.0.4)
      rack (>= 1, < 3)
    tilt (2.0.10)

PLATFORMS
  ruby

DEPENDENCIES
  cheesy-common!
  daemons
  httparty
  pathological
  rake
  sinatra
  thin

BUNDLED WITH
   2.1.4
